GEM
  remote: https://rubygems.org/
  specs:
    byebug (9.0.6)
    git-ng (1.4.0)
    thor (0.19.4)

PLATFORMS
  ruby

DEPENDENCIES
  byebug
  git-ng (~> 1.4)
  thor (~> 0.19.4)

RUBY VERSION
   ruby 2.4.1p111

BUNDLED WITH
   1.14.6
